GEM
  specs:
    activesupport (4.0.4)
      i18n (~> 0.6, >= 0.6.9)
      minitest (~> 4.2)
      multi_json (~> 1.3)
      thread_safe (~> 0.1)
      tzinfo (~> 0.3.37)
    coderay (1.1.0)
    erubis (2.7.0)
    faraday (0.8.9)
      multipart-post (~> 1.2.0)
    faraday_middleware (0.9.0)
      faraday (>= 0.7.4, < 0.9)
    gli (2.9.0)
    gooddata (0.6.0)
      activesupport (~> 4.0.3)
      bundler (>= 1.6.1)
      erubis (~> 2.7.0)
      gli (~> 2.9.0)
      highline (~> 1.6.21)
      i18n (~> 0.6.9)
      json_pure (~> 1.8.1)
      multi_json (~> 1.9.0)
      parseconfig (~> 1.0.4)
      pry (~> 0.9.12.6)
      rest-client (~> 1.6.7)
      restforce (~> 1.4.3)
      rubyzip (~> 1.1.0)
      salesforce_bulk (~> 1.0.3)
    hashie (2.0.5)
    highline (1.6.21)
    i18n (0.6.9)
    json (1.8.1)
    json_pure (1.8.1)
    method_source (0.8.2)
    mime-types (2.2)
    minitest (4.7.5)
    multi_json (1.9.2)
    multipart-post (1.2.0)
    parseconfig (1.0.4)
    pry (0.9.12.6)
      coderay (~> 1.0)
      method_source (~> 0.8)
      slop (~> 3.4)
    rest-client (1.6.7)
      mime-types (>= 1.16)
    restforce (1.4.3)
      faraday (~> 0.8.4)
      faraday_middleware (>= 0.8.8)
      hashie (>= 1.2.0, < 2.1)
      json (>= 1.7.5, < 1.9.0)
    rubyzip (1.1.3)
    salesforce_bulk (1.0.3)
      xml-simple
    slop (3.5.0)
    thread_safe (0.3.3)
    tzinfo (0.3.39)
    xml-simple (1.1.3)

PLATFORMS
  ruby

DEPENDENCIES
  gooddata
