PATH
  remote: .
  specs:
    tentacle (0.0.1)
      aws-sdk
      gooddata
      methadone (~> 1.5.0)

GEM
  remote: https://rubygems.org/
  specs:
    activesupport (4.1.4)
      i18n (~> 0.6, >= 0.6.9)
      json (~> 1.7, >= 1.7.7)
      minitest (~> 5.1)
      thread_safe (~> 0.1)
      tzinfo (~> 1.1)
    aruba (0.6.0)
      childprocess (>= 0.3.6)
      cucumber (>= 1.1.1)
      rspec-expectations (>= 2.7.0)
    aws-sdk (1.48.1)
      json (~> 1.4)
      nokogiri (>= 1.4.4)
    builder (3.2.2)
    childprocess (0.5.3)
      ffi (~> 1.0, >= 1.0.11)
    coderay (1.1.0)
    cucumber (1.3.15)
      builder (>= 2.1.2)
      diff-lcs (>= 1.1.3)
      gherkin (~> 2.12)
      multi_json (>= 1.7.5, < 2.0)
      multi_test (>= 0.1.1)
    diff-lcs (1.2.5)
    docile (1.1.5)
    erubis (2.7.0)
    faraday (0.8.9)
      multipart-post (~> 1.2.0)
    faraday_middleware (0.9.1)
      faraday (>= 0.7.4, < 0.10)
    ffi (1.9.3)
    gherkin (2.12.2)
      multi_json (~> 1.3)
    gli (2.10.0)
    gooddata (0.6.3)
      activesupport (~> 4.1.0)
      bundler (>= 1.6.1)
      docile (~> 1.1.3)
      erubis (~> 2.7.0)
      gli (~> 2.10.0)
      highline (~> 1.6.21)
      i18n (~> 0.6.9)
      json_pure (~> 1.8.1)
      multi_json (~> 1.10.0)
      parseconfig (~> 1.0.4)
      pry (~> 0.9.12.6)
      rest-client (~> 1.6.7)
      restforce (~> 1.4.3)
      rubyzip (~> 1.1.0)
      salesforce_bulk (~> 1.0.3)
    hashie (2.0.5)
    highline (1.6.21)
    i18n (0.6.11)
    json (1.8.1)
    json_pure (1.8.1)
    methadone (1.5.0)
      bundler
    method_source (0.8.2)
    mime-types (1.25.1)
    mini_portile (0.6.0)
    minitest (5.4.0)
    multi_json (1.10.1)
    multi_test (0.1.1)
    multipart-post (1.2.0)
    nokogiri (1.6.3.1)
      mini_portile (= 0.6.0)
    parseconfig (1.0.4)
    pry (0.9.12.6)
      coderay (~> 1.0)
      method_source (~> 0.8)
      slop (~> 3.4)
    rake (0.9.6)
    rdoc (4.1.1)
      json (~> 1.4)
    rest-client (1.6.8)
      mime-types (~> 1.16)
      rdoc (>= 2.4.2)
    restforce (1.4.3)
      faraday (~> 0.8.4)
      faraday_middleware (>= 0.8.8)
      hashie (>= 1.2.0, < 2.1)
      json (>= 1.7.5, < 1.9.0)
    rspec-expectations (3.0.2)
      diff-lcs (>= 1.2.0, < 2.0)
      rspec-support (~> 3.0.0)
    rspec-support (3.0.2)
    rubyzip (1.1.6)
    salesforce_bulk (1.0.3)
      xml-simple
    slop (3.6.0)
    thread_safe (0.3.4)
    tzinfo (1.2.1)
      thread_safe (~> 0.1)
    xml-simple (1.1.4)

PLATFORMS
  ruby

DEPENDENCIES
  aruba
  bundler (~> 1.6)
  rake (~> 0.9.2)
  rdoc
  tentacle!
