GEM
  remote: https://rubygems.org/
  specs:
    activesupport (4.1.4)
      i18n (~> 0.6, >= 0.6.9)
      json (~> 1.7, >= 1.7.7)
      minitest (~> 5.1)
      thread_safe (~> 0.1)
      tzinfo (~> 1.1)
    aws-sdk (1.50.0)
      json (~> 1.4)
      nokogiri (>= 1.4.4)
    coderay (1.1.0)
    docile (1.1.5)
    erubis (2.7.0)
    faraday (0.8.9)
      multipart-post (~> 1.2.0)
    faraday_middleware (0.9.1)
      faraday (>= 0.7.4, < 0.10)
    gli (2.10.0)
    gooddata (0.6.7)
      activesupport (~> 4.1.0)
      aws-sdk (~> 1.45)
      bundler (>= 1.6.1)
      docile (~> 1.1.3)
      erubis (~> 2.7.0)
      gli (~> 2.10.0)
      highline (~> 1.6.21)
      i18n (~> 0.6.9)
      json_pure (~> 1.8.1)
      multi_json (~> 1.10.0)
      parseconfig (~> 1.0.4)
      pry (~> 0.9.12.6)
      rest-client (~> 1.6.7)
      restforce (~> 1.4.3)
      rubyzip (~> 1.1.0)
      salesforce_bulk_query (~> 0.0)
    hashie (2.0.5)
    highline (1.6.21)
    i18n (0.6.11)
    json (1.8.1)
    json_pure (1.8.1)
    methadone (1.5.1)
      bundler
    method_source (0.8.2)
    mime-types (1.25.1)
    mini_portile (0.6.0)
    minitest (5.4.0)
    multi_json (1.10.1)
    multipart-post (1.2.0)
    newrelic_rpm (3.9.1.236)
    nokogiri (1.6.3.1)
      mini_portile (= 0.6.0)
    parseconfig (1.0.4)
    pry (0.9.12.6)
      coderay (~> 1.0)
      method_source (~> 0.8)
      slop (~> 3.4)
    rdoc (4.1.1)
      json (~> 1.4)
    rest-client (1.6.8)
      mime-types (~> 1.16)
      rdoc (>= 2.4.2)
    restforce (1.4.3)
      faraday (~> 0.8.4)
      faraday_middleware (>= 0.8.8)
      hashie (>= 1.2.0, < 2.1)
      json (>= 1.7.5, < 1.9.0)
    rubyzip (1.1.6)
    salesforce_bulk_query (0.0.3)
      json (~> 1.8)
      xml-simple (~> 1.1)
    slop (3.6.0)
    thread_safe (0.3.4)
    tzinfo (1.2.1)
      thread_safe (~> 0.1)
    xml-simple (1.1.4)

PLATFORMS
  ruby

DEPENDENCIES
  aws-sdk
  gooddata
  methadone (~> 1.5.0)
  newrelic_rpm
